PATH
  remote: .
  specs:
    pix_to_loc (0.1.0)
      csv (~> 3.3.0)
      erb (~> 4.0.4)
      exif (~> 2.2.4)
      thor (~> 1.3.1)

GEM
  remote: https://rubygems.org/
  specs:
    cgi (0.4.1)
    csv (3.3.0)
    erb (4.0.4)
      cgi (>= 0.3.3)
    exif (2.2.4)
    thor (1.3.1)

PLATFORMS
  arm64-darwin-23
  ruby

DEPENDENCIES
  csv (= 3.3.0)
  erb (= 4.0.4)
  exif (= 2.2.4)
  pix_to_loc!
  thor (= 1.3.1)

BUNDLED WITH
   2.5.17
